PATH
  remote: .
  specs:
    angular-bootstrap-colorpicker-rails (0.1.0)

GEM
  remote: https://rubygems.org/
  specs:
    rake (10.1.0)

PLATFORMS
  ruby

DEPENDENCIES
  angular-bootstrap-colorpicker-rails!
  bundler (~> 1.3)
  rake
